GEM
  remote: http://rubygems.org/
  specs:
    daemons (1.2.4)
    rack (1.6.5)
    rack-protection (1.5.3)
      rack
    sequel (4.40.0)
    sinatra (1.4.7)
      rack (~> 1.5)
      rack-protection (~> 1.4)
      tilt (>= 1.3, < 3)
    slim (3.0.7)
      temple (~> 0.7.6)
      tilt (>= 1.3.3, < 2.1)
    sqlite3 (1.3.12)
    temple (0.7.7)
    tilt (2.0.5)

PLATFORMS
  ruby

DEPENDENCIES
  daemons
  sequel
  sinatra
  slim
  sqlite3

BUNDLED WITH
   1.11.2
